GEM
  remote: http://rubygems.org/
  specs:
    Ascii85 (1.0.2)
    activesupport (4.1.11)
      i18n (~> 0.6, >= 0.6.9)
      json (~> 1.7, >= 1.7.7)
      minitest (~> 5.1)
      thread_safe (~> 0.1)
      tzinfo (~> 1.1)
    afm (0.2.0)
    concurrent-ruby (1.1.5)
    diff-lcs (1.1.3)
    git (1.2.5)
    hashery (2.1.0)
    i18n (0.9.5)
      concurrent-ruby (~> 1.0)
    jeweler (1.8.3)
      bundler (~> 1.0)
      git (>= 1.2.5)
      rake
      rdoc
    json (1.8.3)
    linguistics (2.1.0)
      loggability (~> 0.11)
    loggability (0.11.0)
    minitest (5.12.2)
    pdf-reader (1.3.0)
      Ascii85 (~> 1.0.0)
      afm (~> 0.2.0)
      hashery (~> 2.0)
      ruby-rc4
      ttfunk
    prawn (0.12.0)
      pdf-reader (>= 0.9.0)
      ttfunk (~> 1.0.2)
    rake (10.0.3)
    rdoc (3.12)
      json (~> 1.4)
    rspec (2.8.0)
      rspec-core (~> 2.8.0)
      rspec-expectations (~> 2.8.0)
      rspec-mocks (~> 2.8.0)
    rspec-core (2.8.0)
    rspec-expectations (2.8.0)
      diff-lcs (~> 1.1.2)
    rspec-mocks (2.8.0)
    ruby-rc4 (0.1.5)
    thread_safe (0.3.6)
    ttfunk (1.0.3)
    tzinfo (1.2.5)
      thread_safe (~> 0.1)

PLATFORMS
  ruby

DEPENDENCIES
  activesupport
  bundler (>= 1.1.0)
  jeweler (~> 1.8.3)
  linguistics
  prawn (>= 0.12.0)
  rake
  rdoc (~> 3.12)
  rspec (~> 2.8.0)
