GEM
  remote: http://rubygems.org/
  specs:
    Ascii85 (1.0.2)
    activesupport (3.2.1)
      i18n (~> 0.6)
      multi_json (~> 1.0)
    afm (0.2.0)
    diff-lcs (1.1.3)
    git (1.11.0)
      rchardet (~> 1.8)
    hashery (2.1.0)
    i18n (0.6.0)
    jeweler (1.8.3)
      bundler (~> 1.0)
      git (>= 1.2.5)
      rake
      rdoc
    json (1.8.3)
    linguistics (2.1.0)
      loggability (~> 0.11)
    loggability (0.11.0)
    multi_json (1.1.0)
    pdf-reader (1.3.0)
      Ascii85 (~> 1.0.0)
      afm (~> 0.2.0)
      hashery (~> 2.0)
      ruby-rc4
      ttfunk
    prawn (0.12.0)
      pdf-reader (>= 0.9.0)
      ttfunk (~> 1.0.2)
    rake (12.3.3)
    rchardet (1.8.0)
    rdoc (3.12)
      json (~> 1.4)
    rspec (2.8.0)
      rspec-core (~> 2.8.0)
      rspec-expectations (~> 2.8.0)
      rspec-mocks (~> 2.8.0)
    rspec-core (2.8.0)
    rspec-expectations (2.8.0)
      diff-lcs (~> 1.1.2)
    rspec-mocks (2.8.0)
    ruby-rc4 (0.1.5)
    ttfunk (1.0.3)

PLATFORMS
  ruby

DEPENDENCIES
  activesupport
  bundler (>= 1.1.0)
  jeweler (~> 1.8.3)
  linguistics
  prawn (>= 0.12.0)
  rake
  rdoc (~> 3.12)
  rspec (~> 2.8.0)
